GEM
  remote: http://rubygems.org/
  specs:
    eventmachine (0.12.10)
    rack (2.0.8)
    sinatra (1.0)
      rack (>= 1.0)

PLATFORMS
  ruby

DEPENDENCIES
  eventmachine
  sinatra (= 1.0)
